PATH
  remote: .
  specs:
    gdbmi (0.0.1)

GEM
  remote: https://rubygems.org/
  specs:
    minitest (5.18.0)
    racc (1.7.0)
    rake (13.0.6)

PLATFORMS
  x86_64-linux

DEPENDENCIES
  gdbmi!
  minitest (~> 5.18)
  racc (~> 1.7)
  rake (~> 13)

BUNDLED WITH
   2.4.6
